GIT
  remote: https://github.com/engineyard/resque.git
  revision: 2949f9f5b035c59a7c03999c00558544837324b5
  specs:
    resque (2.0.0.pre.1)
      json
      mono_logger (~> 1.0)
      redis-namespace (>= 1.3.0)
      thor (~> 0.17)

GEM
  remote: https://rubygems.org/
  specs:
    coderay (1.1.0)
    json (1.8.1)
    m (1.3.2)
      method_source (>= 0.6.7)
      rake (>= 0.9.2.2)
    metaclass (0.0.1)
    method_source (0.8.2)
    minitest (5.2.0)
    mocha (0.14.0)
      metaclass (~> 0.0.1)
    mono_logger (1.1.0)
    pry (0.9.12.4)
      coderay (~> 1.0)
      method_source (~> 0.8)
      slop (~> 3.4)
    rake (10.1.0)
    redis (3.0.6)
    redis-classy (1.2.0)
      redis-namespace (~> 1.0)
    redis-mutex (2.1.1)
      redis-classy (~> 1.2)
    redis-namespace (1.4.1)
      redis (~> 3.0.4)
    resque-scheduler (2.0.1)
      redis (>= 2.0.1)
      resque (>= 1.20.0)
      rufus-scheduler
    rufus-scheduler (2.0.19)
      tzinfo (>= 0.3.23)
    slop (3.4.7)
    thor (0.18.1)
    tzinfo (0.3.38)

PLATFORMS
  ruby

DEPENDENCIES
  m
  minitest
  mocha
  pry
  rake
  redis-mutex
  resque!
  resque-scheduler
